GEM
  remote: https://rubygems.org/
  specs:
    backports (2.6.4)
    eventmachine (1.0.0-x86-mingw32)
    guess_html_encoding (0.0.6)
    html_truncator (0.3.0)
      nokogiri (~> 1.4)
    mini_magick (3.4)
      subexec (~> 0.2.1)
    nokogiri (1.5.5-x86-mingw32)
    rack (1.4.1)
    rack-protection (1.2.0)
      rack
    rack-test (0.6.2)
      rack (>= 1.0)
    redis (3.0.2)
    ruby-readability (0.5.5)
      guess_html_encoding (>= 0.0.4)
      nokogiri (>= 1.4.2)
    sinatra (1.3.3)
      rack (~> 1.3, >= 1.3.6)
      rack-protection (~> 1.2)
      tilt (~> 1.3, >= 1.3.3)
    sinatra-contrib (1.3.1)
      backports (>= 2.0)
      eventmachine
      rack-protection
      rack-test
      sinatra (~> 1.3.0)
      tilt (~> 1.3)
    subexec (0.2.2)
    tilt (1.3.3)

PLATFORMS
  x86-mingw32

DEPENDENCIES
  html_truncator
  mini_magick
  redis
  ruby-readability
  sinatra
  sinatra-contrib
