GEM
  remote: https://rubygems.org/
  specs:
    activesupport (3.2.8)
      i18n (~> 0.6)
      multi_json (~> 1.0)
    awesome_print (1.1.0)
    backports (2.6.4)
    chronic (0.8.0)
    eventmachine (1.0.0-x86-mingw32)
    fast-stemmer (1.0.1)
    i18n (0.6.1)
    multi_json (1.3.6)
    nokogiri (1.5.5-x86-mingw32)
    pismo (0.7.2)
      awesome_print
      chronic
      fast-stemmer
      nokogiri
      sanitize
      shoulda
    rack (1.4.1)
    rack-protection (1.2.0)
      rack
    rack-test (0.6.2)
      rack (>= 1.0)
    sanitize (2.0.3)
      nokogiri (>= 1.4.4, < 1.6)
    shoulda (3.3.0)
      shoulda-context (~> 1.0)
      shoulda-matchers (~> 1.4)
    shoulda-context (1.0.0)
    shoulda-matchers (1.4.0)
      activesupport (>= 3.0.0)
    simple-rss (1.2.3)
    sinatra (1.3.3)
      rack (~> 1.3, >= 1.3.6)
      rack-protection (~> 1.2)
      tilt (~> 1.3, >= 1.3.3)
    sinatra-contrib (1.3.1)
      backports (>= 2.0)
      eventmachine
      rack-protection
      rack-test
      sinatra (~> 1.3.0)
      tilt (~> 1.3)
    tilt (1.3.3)

PLATFORMS
  x86-mingw32

DEPENDENCIES
  pismo
  simple-rss
  sinatra
  sinatra-contrib
